GEM
  remote: https://rubygems.org/
  specs:
    rack (2.2.3)
    rake (13.0.6)
    webrick (1.7.0)

PLATFORMS
  ruby

DEPENDENCIES
  rack
  rake
  webrick
