GEM
  remote: https://rubygems.org/
  specs:
    rack (3.1.8)
    rake (13.2.1)
    webrick (1.9.0)

PLATFORMS
  ruby

DEPENDENCIES
  rack
  rake
  webrick
