GEM
  remote: https://rubygems.org/
  specs:
    nio4r (2.7.4)
    puma (6.5.0)
      nio4r (~> 2.0)
    rack (3.1.8)
    rackup (2.2.1)
      rack (>= 3)
    rake (13.2.1)

PLATFORMS
  ruby

DEPENDENCIES
  puma
  rack
  rackup
  rake

BUNDLED WITH
   2.5.23
