GEM
  remote: https://rubygems.org/
  specs:
    cutlass (0.2.1)
      docker-api (>= 2.0)
    dead_end (1.1.7)
    diff-lcs (1.4.4)
    docker-api (2.2.0)
      excon (>= 0.47.0)
      multi_json
    erubis (2.7.0)
    excon (0.85.0)
    heroics (0.1.2)
      erubis (~> 2.0)
      excon
      moneta
      multi_json (>= 1.9.2)
      webrick
    heroku_hatchet (7.3.3)
      excon (~> 0)
      platform-api (~> 3)
      rrrretry (~> 1)
      thor (~> 1)
      threaded (~> 0)
    moneta (1.0.0)
    multi_json (1.15.0)
    parallel (1.19.2)
    parallel_split_test (0.8.0)
      parallel (>= 0.5.13)
      rspec (>= 3.1.0)
    platform-api (3.0.0)
      heroics (~> 0.1.1)
      moneta (~> 1.0.0)
      rate_throttle_client (~> 0.1.0)
    rate_throttle_client (0.1.2)
    rrrretry (1.0.0)
    rspec (3.9.0)
      rspec-core (~> 3.9.0)
      rspec-expectations (~> 3.9.0)
      rspec-mocks (~> 3.9.0)
    rspec-core (3.9.3)
      rspec-support (~> 3.9.3)
    rspec-expectations (3.9.2)
      diff-lcs (>= 1.2.0, < 2.0)
      rspec-support (~> 3.9.0)
    rspec-mocks (3.9.1)
      diff-lcs (>= 1.2.0, < 2.0)
      rspec-support (~> 3.9.0)
    rspec-retry (0.6.2)
      rspec-core (> 3.3)
    rspec-support (3.9.3)
    stackprof (0.2.17)
    thor (1.0.1)
    threaded (0.0.4)
    webrick (1.7.0)

PLATFORMS
  ruby

DEPENDENCIES
  cutlass
  dead_end
  heroku_hatchet
  parallel_split_test
  rspec-retry
  stackprof

BUNDLED WITH
   2.2.16
