GEM
  remote: https://rubygems.org/
  specs:
    barnes (0.0.9)
      multi_json (~> 1)
      statsd-ruby (~> 1.1)
    multi_json (1.15.0)
    nio4r (2.5.9)
    puma (6.3.0)
      nio4r (~> 2.0)
    statsd-ruby (1.5.0)

PLATFORMS
  ruby
  x86_64-darwin-22
  x86_64-linux

DEPENDENCIES
  barnes
  puma

BUNDLED WITH
   2.4.17
