GEM
  remote: https://rubygems.org/
  specs:
    rack (3.0.2)
    rake (13.0.6)

PLATFORMS
  x86_64-darwin-20
  x86_64-linux

DEPENDENCIES
  rack
  rake

BUNDLED WITH
   2.3.26
